GEM
  remote: http://rubygems.org/
  specs:
    addressable (2.3.2)
    coderay (1.0.8)
    diff-lcs (1.1.3)
    hashie (1.2.0)
    httparty (0.10.2)
      multi_json (~> 1.0)
      multi_xml (>= 0.5.2)
    loofah (1.2.1)
      nokogiri (>= 1.4.4)
    metainspector (1.15.1)
      addressable (~> 2.3.2)
      nokogiri (~> 1.5)
      open_uri_redirections (~> 0.1.0)
      rash (= 0.3.2)
    method_source (0.8.1)
    multi_json (1.6.0)
    multi_xml (0.5.3)
    nokogiri (1.5.6)
    nokogiri (1.5.6-java)
    open_uri_redirections (0.1.0)
    pry (0.9.12)
      coderay (~> 1.0.5)
      method_source (~> 0.8)
      slop (~> 3.4)
    pry (0.9.12-java)
      coderay (~> 1.0.5)
      method_source (~> 0.8)
      slop (~> 3.4)
      spoon (~> 0.0)
    rash (0.3.2)
      hashie (~> 1.2.0)
    rspec (2.12.0)
      rspec-core (~> 2.12.0)
      rspec-expectations (~> 2.12.0)
      rspec-mocks (~> 2.12.0)
    rspec-core (2.12.2)
    rspec-expectations (2.12.1)
      diff-lcs (~> 1.1.3)
    rspec-mocks (2.12.2)
    slop (3.4.3)
    spoon (0.0.1)

PLATFORMS
  java
  ruby

DEPENDENCIES
  httparty
  loofah
  metainspector
  pry
  rspec
